NUGET
  remote: http://liget:9011/v3/index.json
    liget-test1 (1.0.0)
